GEM
  remote: https://rubygems.org/
  specs:
    bsearch (1.5.0)
    diff-lcs (1.4.4)
    ffi (1.13.1)
    gosu (0.15.2)
    memoist (0.16.2)
    mini_portile2 (2.8.0)
    munkres (0.1.0)
    munkres_ru (0.2.0)
    nokogiri (1.13.4)
      mini_portile2 (~> 2.8.0)
      racc (~> 1.4)
    racc (1.6.0)
    rspec (3.9.0)
      rspec-core (~> 3.9.0)
      rspec-expectations (~> 3.9.0)
      rspec-mocks (~> 3.9.0)
    rspec-core (3.9.2)
      rspec-support (~> 3.9.3)
    rspec-expectations (3.9.2)
      diff-lcs (>= 1.2.0, < 2.0)
      rspec-support (~> 3.9.0)
    rspec-mocks (3.9.1)
      diff-lcs (>= 1.2.0, < 2.0)
      rspec-support (~> 3.9.0)
    rspec-support (3.9.3)
    ruby-prof (1.4.1)

PLATFORMS
  ruby

DEPENDENCIES
  bsearch
  ffi
  gosu
  memoist
  munkres
  munkres_ru
  nokogiri
  rspec
  ruby-prof

BUNDLED WITH
   2.1.4
