GEM
  remote: https://rubygems.org/
  specs:
    bsearch (1.5.0)
    codeclimate-test-reporter (0.6.0)
      simplecov (>= 0.7.1, < 1.0.0)
    diff-lcs (1.2.5)
    docile (1.1.5)
    ffi (1.13.1)
    gosu (0.15.2)
    json (2.3.1)
    memoist (0.14.0)
    mini_portile2 (2.4.0)
    munkres (0.1.0)
    munkres_ru (0.2.0)
    nokogiri (1.10.10)
      mini_portile2 (~> 2.4.0)
    rspec (3.2.0)
      rspec-core (~> 3.2.0)
      rspec-expectations (~> 3.2.0)
      rspec-mocks (~> 3.2.0)
    rspec-core (3.2.2)
      rspec-support (~> 3.2.0)
    rspec-expectations (3.2.0)
      diff-lcs (>= 1.2.0, < 2.0)
      rspec-support (~> 3.2.0)
    rspec-mocks (3.2.1)
      diff-lcs (>= 1.2.0, < 2.0)
      rspec-support (~> 3.2.0)
    rspec-support (3.2.2)
    ruby-prof (0.15.6)
    simplecov (0.12.0)
      docile (~> 1.1.0)
      json (>= 1.8, < 3)
      simplecov-html (~> 0.10.0)
    simplecov-html (0.10.0)

PLATFORMS
  ruby

DEPENDENCIES
  bsearch
  codeclimate-test-reporter
  ffi
  gosu
  memoist
  munkres
  munkres_ru
  nokogiri
  rspec
  ruby-prof

BUNDLED WITH
   2.1.4
